GEM
  remote: http://rubygems.org/
  specs:
    activesupport (3.2.12)
      i18n (~> 0.6)
      multi_json (~> 1.0)
    fakeweb (1.3.0)
    i18n (0.6.4)
    mcmire-matchy (0.5.2)
    multi_json (1.6.1)
    rake (0.9.2)
    shoulda (2.11.3)

PLATFORMS
  ruby

DEPENDENCIES
  activesupport (~> 3.2.12)
  fakeweb (= 1.3.0)
  mcmire-matchy (= 0.5.2)
  rake
  shoulda (= 2.11.3)
